GEM
  remote: http://rubygems.org/
  specs:
    abstract (1.0.0)
    actionmailer (3.0.4.rc1)
      actionpack (= 3.0.4.rc1)
      mail (~> 2.2.15)
    actionpack (3.0.4.rc1)
      activemodel (= 3.0.4.rc1)
      activesupport (= 3.0.4.rc1)
      builder (~> 2.1.2)
      erubis (~> 2.6.6)
      i18n (~> 0.4)
      rack (~> 1.2.1)
      rack-mount (~> 0.6.13)
      rack-test (~> 0.5.7)
      tzinfo (~> 0.3.23)
    activemodel (3.0.4.rc1)
      activesupport (= 3.0.4.rc1)
      builder (~> 2.1.2)
      i18n (~> 0.4)
    activerecord (3.0.4.rc1)
      activemodel (= 3.0.4.rc1)
      activesupport (= 3.0.4.rc1)
      arel (~> 2.0.2)
      tzinfo (~> 0.3.23)
    activeresource (3.0.4.rc1)
      activemodel (= 3.0.4.rc1)
      activesupport (= 3.0.4.rc1)
    activesupport (3.0.4.rc1)
    andand (1.3.1)
    arel (2.0.8)
    builder (2.1.2)
    daemons (1.1.0)
    erubis (2.6.6)
      abstract (>= 1.0.0)
    eventmachine (0.12.10)
    haml (3.0.25)
    hpricot (0.8.3)
    i18n (0.5.0)
    json (1.5.1)
    mail (2.2.15)
      activesupport (>= 2.3.6)
      i18n (>= 0.4.0)
      mime-types (~> 1.16)
      treetop (~> 1.4.8)
    mime-types (1.16)
    polyglot (0.3.1)
    rack (1.2.1)
    rack-mount (0.6.13)
      rack (>= 1.0.0)
    rack-test (0.5.7)
      rack (>= 1.0)
    rails (3.0.4.rc1)
      actionmailer (= 3.0.4.rc1)
      actionpack (= 3.0.4.rc1)
      activerecord (= 3.0.4.rc1)
      activeresource (= 3.0.4.rc1)
      activesupport (= 3.0.4.rc1)
      bundler (~> 1.0)
      railties (= 3.0.4.rc1)
    railties (3.0.4.rc1)
      actionpack (= 3.0.4.rc1)
      activesupport (= 3.0.4.rc1)
      rake (>= 0.8.7)
      thor (~> 0.14.4)
    rake (0.8.7)
    roauth (0.0.3)
    sqlite3 (1.3.3)
    thor (0.14.6)
    treetop (1.4.9)
      polyglot (>= 0.3.1)
    tweetstream (1.0.4)
      daemons
      twitter-stream
    twitter-stream (0.1.10)
      eventmachine (>= 0.12.8)
      roauth (>= 0.0.2)
    tzinfo (0.3.24)
    video_info (0.2.4)
      hpricot (~> 0.8.3)

PLATFORMS
  ruby

DEPENDENCIES
  andand
  haml
  json
  rails (= 3.0.4.rc1)
  sqlite3
  tweetstream
  video_info
